GEM
  remote: https://rubygems.org/
  specs:
    execjs (2.7.0)

PLATFORMS
  ruby

DEPENDENCIES
  execjs

BUNDLED WITH
   2.1.4
